GEM
  remote: http://rubygems.org/
  specs:
    ParseTree (3.0.6)
      RubyInline (>= 3.7.0)
      sexp_processor (>= 3.0.0)
    RubyInline (3.8.6)
      ZenTest (~> 4.3)
    ZenTest (4.4.0)
    archive-tar-minitar (0.5.2)
    flay (1.4.1)
      ruby_parser (~> 2.0)
      sexp_processor (~> 3.0)
    flog (2.5.0)
      ruby_parser (~> 2.0)
      sexp_processor (~> 3.0)
    heckle (1.4.3)
      ParseTree (>= 2.0.0)
      ZenTest (>= 3.5.2)
      ruby2ruby (>= 1.1.6)
    mocha (0.9.8)
      rake
    open4 (1.0.1)
    rake (0.8.7)
    rcov (0.9.9)
    rdoc (2.5.11)
    ruby2ruby (1.2.5)
      ruby_parser (~> 2.0)
      sexp_processor (~> 3.0)
    ruby_parser (2.0.5)
      sexp_processor (~> 3.0)
    rubyzip (0.9.4)
    sexp_processor (3.0.5)
    shoulda (2.11.3)

PLATFORMS
  ruby

DEPENDENCIES
  archive-tar-minitar (= 0.5.2)
  bundler (>= 0.9.19)
  flay
  flog
  heckle
  mocha
  open4 (>= 0.9.6)
  rake (>= 0.8.7)
  rcov
  rdoc (>= 2.5.8)
  rubyzip (= 0.9.4)
  shoulda
